GEM
  remote: https://rubygems.org/
  specs:
    handlebars-source (1.0.0.rc3)
    hike (1.2.2)
    multi_json (1.7.2)
    rack (1.5.2)
    rake (10.0.4)
    sprockets (2.9.3)
      hike (~> 1.2)
      multi_json (~> 1.0)
      rack (~> 1.0)
      tilt (~> 1.1, != 1.3.0)
    tilt (1.3.7)

PLATFORMS
  ruby

DEPENDENCIES
  handlebars-source (= 1.0.0.rc3)
  rack
  rake
  sprockets
